PATH
  remote: ../lambda-ruby
  specs:
    remotion_lambda (4.0.288)
      aws-sdk-lambda (> 1.0.0)
      json (> 2.0.0)
      logger (> 1.0.0)

GEM
  remote: https://rubygems.org/
  specs:
    aws-eventstream (1.3.2)
    aws-partitions (1.1089.0)
    aws-sdk-core (3.222.2)
      aws-eventstream (~> 1, >= 1.3.0)
      aws-partitions (~> 1, >= 1.992.0)
      aws-sigv4 (~> 1.9)
      base64
      jmespath (~> 1, >= 1.6.1)
      logger
    aws-sdk-lambda (1.148.0)
      aws-sdk-core (~> 3, >= 3.216.0)
      aws-sigv4 (~> 1.5)
    aws-sigv4 (1.11.0)
      aws-eventstream (~> 1, >= 1.0.2)
    base64 (0.2.0)
    jmespath (1.6.2)
    json (2.10.2)
    logger (1.7.0)

PLATFORMS
  ruby

DEPENDENCIES
  remotion_lambda!

BUNDLED WITH
   2.1.4
